PATH
  remote: .
  specs:
    scompler-avro (0.1.2)
      activesupport
      avro_turf
      aws-sdk-glue
      concurrent-ruby
      dry-configurable (= 0.12.0)
      snappy

GEM
  remote: https://rubygems.org/
  specs:
    activesupport (6.1.4.1)
      concurrent-ruby (~> 1.0, >= 1.0.2)
      i18n (>= 1.6, < 2)
      minitest (>= 5.1)
      tzinfo (~> 2.0)
      zeitwerk (~> 2.3)
    avro (1.10.2)
      multi_json (~> 1)
    avro_turf (1.4.1)
      avro (>= 1.7.7, < 1.11)
      excon (~> 0.71)
    aws-eventstream (1.2.0)
    aws-partitions (1.530.0)
    aws-sdk-core (3.122.1)
      aws-eventstream (~> 1, >= 1.0.2)
      aws-partitions (~> 1, >= 1.525.0)
      aws-sigv4 (~> 1.1)
      jmespath (~> 1.0)
    aws-sdk-glue (1.99.0)
      aws-sdk-core (~> 3, >= 3.122.0)
      aws-sigv4 (~> 1.1)
    aws-sigv4 (1.4.0)
      aws-eventstream (~> 1, >= 1.0.2)
    concurrent-ruby (1.1.9)
    diff-lcs (1.4.4)
    dry-configurable (0.12.0)
      concurrent-ruby (~> 1.0)
      dry-core (~> 0.5, >= 0.5.0)
    dry-core (0.7.1)
      concurrent-ruby (~> 1.0)
    excon (0.88.0)
    i18n (1.8.11)
      concurrent-ruby (~> 1.0)
    jmespath (1.4.0)
    minitest (5.14.4)
    multi_json (1.15.0)
    rake (10.5.0)
    rspec (3.10.0)
      rspec-core (~> 3.10.0)
      rspec-expectations (~> 3.10.0)
      rspec-mocks (~> 3.10.0)
    rspec-core (3.10.1)
      rspec-support (~> 3.10.0)
    rspec-expectations (3.10.1)
      diff-lcs (>= 1.2.0, < 2.0)
      rspec-support (~> 3.10.0)
    rspec-mocks (3.10.2)
      diff-lcs (>= 1.2.0, < 2.0)
      rspec-support (~> 3.10.0)
    rspec-support (3.10.3)
    snappy (0.2.0)
    tzinfo (2.0.4)
      concurrent-ruby (~> 1.0)
    zeitwerk (2.5.1)

PLATFORMS
  x86_64-darwin-19

DEPENDENCIES
  rake (~> 10.0)
  rspec (~> 3.0)
  scompler-avro!

BUNDLED WITH
   2.2.15
